PATH
  remote: .
  specs:
    docverter-server (1.0.1-java)
      flying_saucer
      mime-types
      mizuno
      multi_json
      rake
      sinatra

GEM
  remote: http://rubygems.org/
  specs:
    activesupport (3.2.9)
      i18n (~> 0.6)
      multi_json (~> 1.0)
    childprocess (0.3.6)
      ffi (~> 1.0, >= 1.0.6)
    choice (0.1.6)
    ffi (1.2.0-java)
    flying_saucer (0.8.0-java)
    i18n (0.6.1)
    metaclass (0.0.1)
    mime-types (1.19)
    mizuno (0.6.4)
      childprocess (>= 0.2.6)
      choice (>= 0.1.0)
      ffi (>= 1.0.0)
      rack (>= 1.0.0)
    mocha (0.13.0)
      metaclass (~> 0.0.1)
    multi_json (1.3.7)
    rack (1.4.1)
    rack-protection (1.2.0)
      rack
    rake (10.0.2)
    shoulda (3.3.2)
      shoulda-context (~> 1.0.1)
      shoulda-matchers (~> 1.4.1)
    shoulda-context (1.0.1)
    shoulda-matchers (1.4.1)
      activesupport (>= 3.0.0)
    sinatra (1.3.3)
      rack (~> 1.3, >= 1.3.6)
      rack-protection (~> 1.2)
      tilt (~> 1.3, >= 1.3.3)
    tilt (1.3.3)

PLATFORMS
  java

DEPENDENCIES
  docverter-server!
  mocha
  shoulda
